GIT
  remote: http://github.com/maxdemarzi/neography.git
  revision: 4f1dd0a88c9a0a39b030d78f8018381b4f48f2d4
  specs:
    neography (0.0.10)
      httparty (~> 0.7.3)
      json

GEM
  remote: http://rubygems.org/
  specs:
    crack (0.1.8)
    diff-lcs (1.1.2)
    haml (3.0.25)
    httparty (0.7.4)
      crack (= 0.1.8)
    json (1.5.1)
    net-http-spy (0.2.1)
    rack (1.2.1)
    rack-test (0.5.7)
      rack (>= 1.0)
    rspec (2.5.0)
      rspec-core (~> 2.5.0)
      rspec-expectations (~> 2.5.0)
      rspec-mocks (~> 2.5.0)
    rspec-core (2.5.1)
    rspec-expectations (2.5.0)
      diff-lcs (~> 1.1.2)
    rspec-mocks (2.5.0)
    sinatra (1.1.2)
      rack (~> 1.1)
      tilt (~> 1.2)
    tilt (1.2.2)

PLATFORMS
  ruby

DEPENDENCIES
  haml (= 3.0.25)
  json
  neography!
  net-http-spy
  rack-test
  rspec
  sinatra (= 1.1.2)
